PATH
  remote: .
  specs:
    lp_csv_exportable_with_stream (0.1.0)
      lp_csv_exportable

GEM
  remote: https://rubygems.org/
  specs:
    activesupport (6.1.5)
      concurrent-ruby (~> 1.0, >= 1.0.2)
      i18n (>= 1.6, < 2)
      minitest (>= 5.1)
      tzinfo (~> 2.0)
      zeitwerk (~> 2.3)
    concurrent-ruby (1.1.10)
    i18n (1.10.0)
      concurrent-ruby (~> 1.0)
    lp_csv_exportable (0.2.9)
      activesupport
    minitest (5.15.0)
    rake (13.0.6)
    tzinfo (2.0.4)
      concurrent-ruby (~> 1.0)
    zeitwerk (2.5.4)

PLATFORMS
  arm64-darwin-21

DEPENDENCIES
  lp_csv_exportable
  lp_csv_exportable_with_stream!
  rake (~> 13.0)

BUNDLED WITH
   2.3.8
